PATH
  remote: ../users
  specs:
    users (0.1.1)
      bcrypt (~> 3.1.16)

PATH
  remote: .
  specs:
    users-api (1.0.0)
      users

GEM
  remote: https://rubygems.org/
  specs:
    ansi (1.5.0)
    bcrypt (3.1.16)
    builder (3.2.4)
    minitest (5.15.0)
    minitest-reporters (1.4.3)
      ansi
      builder
      minitest (>= 5.0)
      ruby-progressbar
    multi_json (1.15.0)
    mustermann (1.1.1)
      ruby2_keywords (~> 0.0.1)
    rack (2.2.3)
    rack-protection (2.1.0)
      rack
    rack-test (1.1.0)
      rack (>= 1.0, < 3)
    rake (13.0.6)
    ruby-progressbar (1.11.0)
    ruby2_keywords (0.0.5)
    sequel (5.51.0)
    sinatra (2.1.0)
      mustermann (~> 1.0)
      rack (~> 2.2)
      rack-protection (= 2.1.0)
      tilt (~> 2.0)
    sinatra-contrib (2.1.0)
      multi_json
      mustermann (~> 1.0)
      rack-protection (= 2.1.0)
      sinatra (= 2.1.0)
      tilt (~> 2.0)
    sqlite3 (1.4.2)
    tilt (2.0.10)
    webrick (1.7.0)

PLATFORMS
  x64-mingw32

DEPENDENCIES
  minitest (~> 5.0)
  minitest-reporters (~> 1.4.3)
  rack-test (~> 1.1.0)
  rake (~> 13.0)
  sequel (~> 5.51.0)
  sinatra (~> 2.1.0)
  sinatra-contrib (~> 2.1.0)
  sqlite3 (~> 1.4.2)
  users!
  users-api!
  webrick (~> 1.7.0)

BUNDLED WITH
   2.2.15
